GEM
  remote: https://rubygems.org/
  specs:
    asciiart (0.0.9)
      rainbow (= 2.0.0)
      rmagick (= 2.13.4)
    byebug (6.0.2)
    rainbow (2.0.0)
    random-word-generator (0.0.1)
      sqlite3-ruby (>= 1.2.1)
    rmagick (2.13.4)
    sqlite3 (1.3.10)
    sqlite3-ruby (1.3.3)
      sqlite3 (>= 1.3.3)

PLATFORMS
  ruby

DEPENDENCIES
  asciiart
  byebug
  random-word-generator

BUNDLED WITH
   1.10.0
